GEM
  remote: http://rubygems.org/
  specs:
    childprocess (0.3.1)
      ffi (~> 1.0.6)
    ffi (1.0.9)
    git (1.2.5)
    json (1.6.3)
    minitar (0.5.3)
    mustache (0.99.4)
    mysql (2.8.1)
    nakamura (0.8)
      json (>= 1.6.3)
    rake (0.9.2.2)
    zipruby (0.3.6)

PLATFORMS
  ruby

DEPENDENCIES
  childprocess
  git
  json
  minitar
  mustache
  mysql
  nakamura (= 0.8)
  rake
  zipruby
